GEM
  remote: https://rubygems.org/
  specs:
    backports (3.17.1)
    bcrypt (3.1.13)
    coderay (1.1.2)
    erubis (2.7.0)
    fileutils (1.4.1)
    method_source (1.0.0)
    minitest (5.14.0)
    multi_json (1.14.1)
    mustermann (1.1.1)
      ruby2_keywords (~> 0.0.1)
    pry (0.13.1)
      coderay (~> 1.1)
      method_source (~> 1.0)
    pry-remote (0.1.8)
      pry (~> 0.9)
      slop (~> 3.0)
    rack (2.2.6.2)
    rack-protection (2.0.8.1)
      rack
    rack-test (1.1.0)
      rack (>= 1.0, < 3)
    redcarpet (3.5.0)
    ruby2_keywords (0.0.2)
    sinatra (2.0.8.1)
      mustermann (~> 1.0)
      rack (~> 2.0)
      rack-protection (= 2.0.8.1)
      tilt (~> 2.0)
    sinatra-contrib (2.0.8.1)
      backports (>= 2.8.2)
      multi_json
      mustermann (~> 1.0)
      rack-protection (= 2.0.8.1)
      sinatra (= 2.0.8.1)
      tilt (~> 2.0)
    slop (3.6.0)
    tilt (2.0.10)

PLATFORMS
  ruby

DEPENDENCIES
  bcrypt
  erubis (~> 2.7)
  fileutils
  minitest
  pry
  pry-remote
  rack-test
  redcarpet
  sinatra (~> 2.0, >= 2.0.8.1)
  sinatra-contrib (~> 2.0, >= 2.0.8.1)

BUNDLED WITH
   2.1.4
