GEM
  remote: https://rubygems.org/
  specs:
    rack (2.0.9)
    webrick (1.6.0)

PLATFORMS
  ruby

DEPENDENCIES
  rack (~> 2.0.1)
  webrick (~> 1.6)

BUNDLED WITH
   2.0.2
