GEM
  remote: https://rubygems.org/
  specs:
    rack (2.1.4)
    webrick (1.6.0)

PLATFORMS
  ruby

DEPENDENCIES
  rack (~> 2.1.4)
  webrick (~> 1.6)

BUNDLED WITH
   2.0.2
